PATH
  remote: .
  specs:
    restiny (0.2.0)
      down (~> 5.4)
      faraday (~> 2.0)
      faraday-follow_redirects (~> 0.3)
      rubyzip (~> 2.3)
      sqlite3 (~> 1.3)

GEM
  remote: https://rubygems.org/
  specs:
    addressable (2.8.4)
      public_suffix (>= 2.0.2, < 6.0)
    diff-lcs (1.5.0)
    down (5.4.0)
      addressable (~> 2.8)
    faraday (2.7.4)
      faraday-net_http (>= 2.0, < 3.1)
      ruby2_keywords (>= 0.0.4)
    faraday-follow_redirects (0.3.0)
      faraday (>= 1, < 3)
    faraday-net_http (3.0.2)
    mini_portile2 (2.8.2)
    public_suffix (5.0.1)
    rake (12.3.3)
    rspec (3.12.0)
      rspec-core (~> 3.12.0)
      rspec-expectations (~> 3.12.0)
      rspec-mocks (~> 3.12.0)
    rspec-core (3.12.0)
      rspec-support (~> 3.12.0)
    rspec-expectations (3.12.2)
      diff-lcs (>= 1.2.0, < 2.0)
      rspec-support (~> 3.12.0)
    rspec-mocks (3.12.2)
      diff-lcs (>= 1.2.0, < 2.0)
      rspec-support (~> 3.12.0)
    rspec-support (3.12.0)
    ruby2_keywords (0.0.5)
    rubyzip (2.3.2)
    sqlite3 (1.6.2)
      mini_portile2 (~> 2.8.0)
    vcr (6.1.0)

PLATFORMS
  ruby

DEPENDENCIES
  rake (~> 12.3.3)
  restiny!
  rspec (~> 3.10)
  vcr

BUNDLED WITH
   2.1.4
